GEM
  remote: http://rubygems.org/
  specs:
    coderay (1.0.5)
    erubis (2.7.0)
    rack (1.4.1)
    rack-contrib (1.1.0)
      rack (>= 0.9.1)
    rake (0.9.2.2)
    trollop (1.16.2)

PLATFORMS
  ruby

DEPENDENCIES
  coderay
  erubis
  rack
  rack-contrib
  rake
  trollop
